NUGET
  remote: https://www.nuget.org/api/v2
    FAKE (5.8.4)
    ILMerge (3.0.21)
    NuGet.CommandLine (4.9.4)
